GIT
  remote: git://github.com/sunlightlabs/fontcustom.git
  revision: c61c0769997231c2d6268b7545323380b4e9cf08
  specs:
    fontcustom (1.3.3)
      json (~> 1.4)
      listen (~> 1.0)
      thor (~> 0.14)

GEM
  remote: http://rubygems.org/
  specs:
    ffi (1.9.3)
    json (1.8.1)
    listen (1.3.1)
      rb-fsevent (>= 0.9.3)
      rb-inotify (>= 0.9)
      rb-kqueue (>= 0.2)
    rb-fsevent (0.9.4)
    rb-inotify (0.9.3)
      ffi (>= 0.5.0)
    rb-kqueue (0.2.2)
      ffi (>= 0.5.0)
    thor (0.19.1)

PLATFORMS
  ruby

DEPENDENCIES
  fontcustom!
